GEM
  remote: https://rubygems.org/
  specs:
    adsf (1.2.1)
      rack (>= 1.0.0)
    asciidoctor (1.5.5)
    builder (3.1.4)
    colored (1.2)
    concurrent-ruby (1.0.5)
    cri (2.8.0)
      colored (~> 1.2)
    ddplugin (1.0.1)
    hamster (3.0.0)
      concurrent-ruby (~> 1.0)
    highline (1.7.8)
    kramdown (0.14.1)
    mini_portile2 (2.1.0)
    multi_json (1.12.1)
    nanoc (4.8.0)
      cri (~> 2.8)
      ddplugin (~> 1.0)
      hamster (~> 3.0)
      ref (~> 2.0)
    nanoc-git (2.0.0)
      nanoc (~> 4.5)
    nokogiri (1.7.1)
      mini_portile2 (~> 2.1.0)
    pygments.rb (1.1.2)
      multi_json (>= 1.0.0)
    rack (2.0.1)
    ref (2.0.0)
    stringex (2.7.1)
    yajl-ruby (1.2.2)

PLATFORMS
  ruby

DEPENDENCIES
  adsf
  asciidoctor
  builder
  highline
  kramdown
  nanoc
  nanoc-git
  nokogiri
  pygments.rb
  stringex
  yajl-ruby (= 1.2.2)

BUNDLED WITH
   1.14.6
