GEM
  remote: https://rubygems.org/
  specs:
    adsf (1.2.1)
      rack (>= 1.0.0)
    asciidoctor (1.5.5)
    colored (1.2)
    concurrent-ruby (1.0.2)
    cri (2.7.0)
      colored (~> 1.2)
    hamster (3.0.0)
      concurrent-ruby (~> 1.0)
    highline (1.7.8)
    mini_portile2 (2.1.0)
    nanoc (4.3.4)
      cri (~> 2.3)
      hamster (~> 3.0)
      ref (~> 2.0)
    nanoc-asciidoctor (1.0.2)
      asciidoctor (> 0.1, < 2.0)
      nanoc (>= 3.6.7, < 5.0.0)
    nanoc-git (1.0.1)
      nanoc (>= 3.7.0, < 5.0.0)
    nokogiri (1.6.8.1)
      mini_portile2 (~> 2.1.0)
    posix-spawn (0.3.11)
    pygments.rb (0.6.3)
      posix-spawn (~> 0.3.6)
      yajl-ruby (~> 1.2.0)
    rack (2.0.1)
    ref (2.0.0)
    stringex (2.6.1)
    yajl-ruby (1.2.1)

PLATFORMS
  ruby

DEPENDENCIES
  adsf
  highline
  nanoc
  nanoc-asciidoctor
  nanoc-git
  nokogiri
  pygments.rb
  stringex

BUNDLED WITH
   1.13.3
